PATH
  remote: .
  specs:
    activigit (0.1.0)
      gruff (~> 0.7)

GEM
  remote: https://rubygems.org/
  specs:
    gruff (0.7.0)
      rmagick (~> 2.13, >= 2.13.4)
    rake (10.5.0)
    rmagick (2.16.0)

PLATFORMS
  ruby

DEPENDENCIES
  activigit!
  bundler (~> 1.17)
  rake (~> 10.0)

BUNDLED WITH
   1.17.2
